GEM
  remote: https://rubygems.org/
  specs:
    md2review (1.11.0)
      redcarpet (> 2.0.0)
    rake (12.3.3)
    redcarpet (3.4.0)
    review (2.1.0)
      rubyzip
    rubyzip (1.2.1)

PLATFORMS
  ruby

DEPENDENCIES
  md2review
  rake
  review (= 2.1.0)

BUNDLED WITH
   1.13.7
